GEM
  remote: http://rubygems.org/
  specs:
    aws-sdk (2.2.4)
      aws-sdk-resources (= 2.2.4)
    aws-sdk-core (2.2.4)
      jmespath (~> 1.0)
    aws-sdk-resources (2.2.4)
      aws-sdk-core (= 2.2.4)
    jmespath (1.1.3)
    power_assert (0.2.2)
    test-unit (3.0.8)
      power_assert

PLATFORMS
  ruby

DEPENDENCIES
  aws-sdk (~> 2)
  test-unit
